GEM
  remote: http://rubygems.org/
  specs:
    builder (3.0.0)
    cucumber (1.1.4)
      builder (>= 2.1.2)
      diff-lcs (>= 1.1.2)
      gherkin (~> 2.7.1)
      json (>= 1.4.6)
      term-ansicolor (>= 1.0.6)
    diff-lcs (1.1.3)
    facter (1.6.4)
    gherkin (2.7.1)
      json (>= 1.4.6)
    git (1.2.5)
    jeweler (1.6.4)
      bundler (~> 1.0)
      git (>= 1.2.5)
      rake
    json (1.6.4)
    puppet (2.7.9)
      facter (>= 1.5.1)
    rake (0.8.7)
    term-ansicolor (1.0.7)
    thor (0.13.4)

PLATFORMS
  ruby

DEPENDENCIES
  cucumber
  jeweler
  puppet
  rake (= 0.8.7)
  thor (= 0.13.4)
